PATH
  remote: ../announcements
  specs:
    announcements (0.1.0)
      activerecord (>= 7)

PATH
  remote: ../events_bus
  specs:
    events_bus (0.1.0)
      announcements

PATH
  remote: .
  specs:
    announcements_search (0.1.0)
      activerecord (>= 7)
      announcements

GEM
  remote: https://rubygems.org/
  specs:
    activemodel (7.1.3.2)
      activesupport (= 7.1.3.2)
    activerecord (7.1.3.2)
      activemodel (= 7.1.3.2)
      activesupport (= 7.1.3.2)
      timeout (>= 0.4.0)
    activesupport (7.1.3.2)
      base64
      bigdecimal
      concurrent-ruby (~> 1.0, >= 1.0.2)
      connection_pool (>= 2.2.5)
      drb
      i18n (>= 1.6, < 2)
      minitest (>= 5.1)
      mutex_m
      tzinfo (~> 2.0)
    base64 (0.2.0)
    bigdecimal (3.1.7)
    concurrent-ruby (1.2.3)
    connection_pool (2.4.1)
    drb (2.2.1)
    i18n (1.14.4)
      concurrent-ruby (~> 1.0)
    minitest (5.22.3)
    mutex_m (0.2.0)
    pg (1.5.6)
    rake (13.2.1)
    timeout (0.4.1)
    tzinfo (2.0.6)
      concurrent-ruby (~> 1.0)

PLATFORMS
  aarch64-linux
  arm-linux
  arm64-darwin
  x86-linux
  x86_64-darwin
  x86_64-linux

DEPENDENCIES
  announcements!
  announcements_search!
  events_bus!
  minitest (>= 5)
  pg
  rake (>= 13)

RUBY VERSION
   ruby 3.3.0p0

BUNDLED WITH
   2.5.3
